GEM
  remote: http://ruby.taobao.org/
  specs:
    RedCloth (4.2.9)
    actionpack (3.2.2)
      activemodel (= 3.2.2)
      activesupport (= 3.2.2)
      builder (~> 3.0.0)
      erubis (~> 2.7.0)
      journey (~> 1.0.1)
      rack (~> 1.4.0)
      rack-cache (~> 1.1)
      rack-test (~> 0.6.1)
      sprockets (~> 2.1.2)
    activemodel (3.2.2)
      activesupport (= 3.2.2)
      builder (~> 3.0.0)
    activesupport (3.2.2)
      i18n (~> 0.6)
      multi_json (~> 1.0)
    bluecloth (2.2.0)
    builder (3.0.0)
    erubis (2.7.0)
    hike (1.2.1)
    i18n (0.6.0)
    journey (1.0.3)
    json (1.6.5)
    multi_json (1.1.0)
    nokogiri (1.5.2)
    rack (1.4.1)
    rack-cache (1.2)
      rack (>= 0.4)
    rack-test (0.6.1)
      rack (>= 1.0)
    rake (0.9.2.2)
    rdoc (3.12)
      json (~> 1.4)
    sdoc (0.3.16)
      json (>= 1.1.3)
      rdoc (~> 3.10)
    sprockets (2.1.2)
      hike (~> 1.2)
      rack (~> 1.0)
      tilt (~> 1.1, != 1.3.0)
    tilt (1.3.3)
    w3c_validators (1.2)
      json
      nokogiri

PLATFORMS
  ruby

DEPENDENCIES
  RedCloth (~> 4.2)
  actionpack (>= 3.0)
  activesupport
  bluecloth (~> 2.2.0)
  rake (>= 0.8.7)
  sdoc
  w3c_validators
